GEM
  remote: http://rubygems.org/
  specs:
    pokegem (0.0.2)

PLATFORMS
  ruby

DEPENDENCIES
  pokegem
